GEM
  remote: https://rubygems.org/
  specs:
    influxdb (0.6.1)

PLATFORMS
  ruby

DEPENDENCIES
  influxdb (= 0.6.1)

BUNDLED WITH
   1.17.3
